GEM
  remote: https://rubygems.org/
  specs:
    jekyll-compose (0.3.0)
    jekyll-paginate (1.1.0)
    kramdown (1.9.0)

PLATFORMS
  ruby

DEPENDENCIES
  jekyll-compose
  jekyll-paginate
  kramdown

BUNDLED WITH
   1.11.2
